GEM
  remote: https://rubygems.org/
  specs:
    mustermann (1.0.3)
    mysql2 (0.5.2)
    puma (3.12.1)
    rack (2.0.7)
    rack-protection (2.0.5)
      rack
    sequel (5.16.0)
    sinatra (2.0.5)
      mustermann (~> 1.0)
      rack (~> 2.0)
      rack-protection (= 2.0.5)
      tilt (~> 2.0)
    tilt (2.0.9)

PLATFORMS
  ruby

DEPENDENCIES
  mysql2
  puma
  sequel
  sinatra

BUNDLED WITH
   2.0.1
